GEM
  remote: https://rubygems.org/
  specs:
    addressable (2.4.0)
    colorator (1.1.0)
    em-websocket (0.5.1)
      eventmachine (>= 0.12.9)
      http_parser.rb (~> 0.6.0)
    eventmachine (1.2.0.1)
    fastercsv (1.5.5)
    ffi (1.9.14)
    forwardable-extended (2.6.0)
    htmlentities (4.3.4)
    http_parser.rb (0.6.0)
    jekyll (3.3.0)
      addressable (~> 2.4)
      colorator (~> 1.0)
      jekyll-sass-converter (~> 1.0)
      jekyll-watch (~> 1.1)
      kramdown (~> 1.3)
      liquid (~> 3.0)
      mercenary (~> 0.3.3)
      pathutil (~> 0.9)
      rouge (~> 1.7)
      safe_yaml (~> 1.0)
    jekyll-compose (0.5.0)
      jekyll (>= 3.0.0)
    jekyll-import (0.11.0)
      fastercsv
      jekyll (>= 1.4)
      nokogiri
    jekyll-livereload (0.2.2)
      em-websocket (~> 0.5)
      jekyll (~> 3.0)
    jekyll-sass-converter (1.4.0)
      sass (~> 3.4)
    jekyll-watch (1.5.0)
      listen (~> 3.0, < 3.1)
    kramdown (1.12.0)
    liquid (3.0.6)
    listen (3.0.8)
      rb-fsevent (~> 0.9, >= 0.9.4)
      rb-inotify (~> 0.9, >= 0.9.7)
    mercenary (0.3.6)
    mini_portile2 (2.1.0)
    mysql2 (0.4.5)
    nokogiri (1.6.8.1)
      mini_portile2 (~> 2.1.0)
    pathutil (0.14.0)
      forwardable-extended (~> 2.6)
    rake (11.3.0)
    rb-fsevent (0.9.7)
    rb-inotify (0.9.7)
      ffi (>= 0.5.0)
    rouge (1.11.1)
    safe_yaml (1.0.4)
    sass (3.4.22)
    sequel (4.39.0)
    unidecode (1.0.0)

PLATFORMS
  ruby

DEPENDENCIES
  htmlentities
  jekyll (~> 3.1)
  jekyll-compose
  jekyll-import
  jekyll-livereload
  mysql2
  rake
  sequel
  unidecode

BUNDLED WITH
   1.12.1
